GIT
  remote: git@github.com:purbon/lita-twitter.git
  revision: 7358d8d4919d7eb1919844159c486b3df6435e1d
  specs:
    lita-twitter (0.0.7)
      lita (>= 2.5)
      twitter (>= 5.0.0)

PATH
  remote: .
  specs:
    hartman (0.0.1)
      faraday (~> 0)
      geocoder (~> 1.2.6)
      giphy (~> 1.2.0)
      lita (~> 4.0)
      twitter (>= 5.0.0)
      xkcd (~> 1.1.0)

GEM
  remote: https://rubygems.org/
  specs:
    addressable (2.3.6)
    buftok (0.2.0)
    capistrano (3.3.3)
      capistrano-stats (~> 1.0.3)
      i18n
      rake (>= 10.0.0)
      sshkit (~> 1.3)
    capistrano-stats (1.0.3)
    colorize (0.7.3)
    descendants_tracker (0.0.4)
      thread_safe (~> 0.3, >= 0.3.1)
    diff-lcs (1.2.5)
    equalizer (0.0.9)
    faraday (0.8.9)
      multipart-post (~> 1.2.0)
    faraday_middleware (0.9.1)
      faraday (>= 0.7.4, < 0.10)
    faraday_middleware-parse_oj (0.2.1)
      faraday_middleware (~> 0.8)
      oj (~> 2.0)
    geocoder (1.2.6)
    giphy (1.2.0)
      faraday (~> 0.8.8)
      faraday_middleware-parse_oj (~> 0.2.1)
      launchy (~> 2.4.2)
    google-search (1.0.3)
      json
    http (0.5.1)
      http_parser.rb
    http_parser.rb (0.6.0)
    http_router (0.11.1)
      rack (>= 1.0.0)
      url_mount (~> 0.2.1)
    i18n (0.6.11)
    ice_nine (0.11.1)
    json (1.8.1)
    launchy (2.4.3)
      addressable (~> 2.3)
    lita (4.0.3)
      bundler (>= 1.3)
      faraday (>= 0.8.7)
      http_router (>= 0.11.1)
      i18n (>= 0.6.9)
      ice_nine (>= 0.11.0)
      multi_json (>= 1.7.7)
      puma (>= 2.7.1)
      rack (>= 1.5.2)
      rb-readline (>= 0.5.1)
      redis-namespace (>= 1.3.0)
      thor (>= 0.18.1)
    memoizable (0.4.2)
      thread_safe (~> 0.3, >= 0.3.1)
    mini_portile (0.6.1)
    multi_json (1.10.1)
    multipart-post (1.2.0)
    net-scp (1.2.1)
      net-ssh (>= 2.6.5)
    net-ssh (2.9.1)
    nokogiri (1.6.5)
      mini_portile (~> 0.6.0)
    oj (2.11.1)
    puma (2.10.2)
      rack (>= 1.1, < 2.0)
    rack (1.5.2)
    rack-test (0.6.2)
      rack (>= 1.0)
    rake (10.4.2)
    rb-readline (0.5.1)
    redis (3.1.0)
    redis-namespace (1.5.1)
      redis (~> 3.0, >= 3.0.4)
    rspec (3.1.0)
      rspec-core (~> 3.1.0)
      rspec-expectations (~> 3.1.0)
      rspec-mocks (~> 3.1.0)
    rspec-core (3.1.7)
      rspec-support (~> 3.1.0)
    rspec-expectations (3.1.2)
      diff-lcs (>= 1.2.0, < 2.0)
      rspec-support (~> 3.1.0)
    rspec-mocks (3.1.3)
      rspec-support (~> 3.1.0)
    rspec-support (3.1.2)
    simple_oauth (0.2.0)
    sshkit (1.5.1)
      colorize
      net-scp (>= 1.1.2)
      net-ssh (>= 2.8.0)
    thor (0.19.1)
    thread_safe (0.3.4)
    twitter (5.5.1)
      addressable (~> 2.3)
      buftok (~> 0.2.0)
      descendants_tracker (~> 0.0.3)
      equalizer (~> 0.0.9)
      faraday (>= 0.8, < 0.10)
      http (~> 0.5.0)
      http_parser.rb (~> 0.6.0)
      json (~> 1.8)
      memoizable (~> 0.4.0)
      simple_oauth (~> 0.2.0)
    url_mount (0.2.1)
      rack
    xkcd (1.1.0)
      google-search
      nokogiri (>= 1.5.0)

PLATFORMS
  ruby

DEPENDENCIES
  bundler (~> 1.3)
  capistrano (~> 3.3.0)
  hartman!
  lita-twitter!
  rack-test (~> 0)
  rspec (~> 3.0, > 3.0.0)
